GEM
  remote: http://rubygems.org/
  specs:
    cancan (1.6.5)

PLATFORMS
  ruby

DEPENDENCIES
  cancan
